PATH
  remote: .
  specs:
    xmlss (0.2.1)
      enumeration (~> 1.2)
      nokogiri (~> 1.4.0)

GEM
  remote: http://rubygems.org/
  specs:
    ansi (1.3.0)
    assert (0.3.0)
      ansi (~> 1.3)
    enumeration (1.2.1)
    nokogiri (1.4.7)
    rake (0.9.2)

PLATFORMS
  ruby

DEPENDENCIES
  assert (~> 0.3)
  bundler (~> 1.0)
  rake (~> 0.9.2)
  xmlss!
